GEM
  remote: https://rubygems.org/
  specs:
    clipboard (2.0.0)

PLATFORMS
  ruby
  x86_64-linux-gnu

DEPENDENCIES
  clipboard
  ffi

RUBY VERSION
   ruby 3.2.3p157

BUNDLED WITH
   2.6.2
